GEM
  remote: https://rubygems.org/
  specs:
    childprocess (0.5.6)
      ffi (~> 1.0, >= 1.0.11)
    ffi (1.9.10)
    ffi (1.9.10-x64-mingw32)
    multi_json (1.11.2)
    power_assert (0.2.3)
    rubyzip (1.1.7)
    selenium-webdriver (2.46.2)
      childprocess (~> 0.5)
      multi_json (~> 1.0)
      rubyzip (~> 1.0)
      websocket (~> 1.0)
    test-unit (3.1.2)
      power_assert
    websocket (1.2.2)

PLATFORMS
  ruby
  x64-mingw32

DEPENDENCIES
  selenium-webdriver
  test-unit

BUNDLED WITH
   1.10.5
